GEM
  remote: https://rubygems.org/
  specs:
    childprocess (0.6.2)
      ffi (~> 1.0, >= 1.0.11)
    ffi (1.9.18)
    json (2.0.3)
    power_assert (1.0.1)
    rubyzip (1.2.1)
    selenium-webdriver (3.3.0)
      childprocess (~> 0.5)
      rubyzip (~> 1.0)
      websocket (~> 1.0)
    test-unit (3.2.3)
      power_assert
    websocket (1.2.4)

PLATFORMS
  ruby

DEPENDENCIES
  json
  selenium-webdriver
  test-unit

BUNDLED WITH
   1.13.7
